GIT
  remote: git://github.com/wejn/motion-layout.git
  revision: 5bddcbc938502a4fcaaee30a26cfbf31a56d1651
  branch: add-options
  specs:
    motion-layout (0.0.1)

GEM
  remote: https://rubygems.org/
  specs:
    ProMotion (1.0.3)
    activesupport (3.2.14)
      i18n (~> 0.6, >= 0.6.4)
      multi_json (~> 1.0)
    afmotion (0.7)
      motion-cocoapods (>= 1.2.1)
    bubble-wrap (1.3.0)
    claide (0.3.2)
    cocoapods (0.22.3)
      activesupport (~> 3.2.13)
      claide (~> 0.3.2)
      cocoapods-core (= 0.22.3)
      cocoapods-downloader (~> 0.1.1)
      colored (~> 1.2)
      escape (~> 0.0.4)
      json (~> 1.8.0)
      open4 (~> 1.3.0)
      xcodeproj (~> 0.8.1)
    cocoapods-core (0.22.3)
      activesupport (~> 3.2.13)
      json (~> 1.8.0)
      nap (~> 0.5.1)
    cocoapods-downloader (0.1.2)
    colored (1.2)
    escape (0.0.4)
    formotion (1.3.1)
      bubble-wrap (>= 1.1.4)
      motion-require (~> 0.0.3)
    helu (0.5)
    i18n (0.6.4)
    json (1.8.0)
    motion-addressbook (1.5.0)
      bubble-wrap (~> 1.3)
    motion-cocoapods (1.3.5)
      cocoapods (>= 0.17.0)
    motion-require (0.0.7)
    motion-testflight (1.5)
    multi_json (1.7.7)
    nap (0.5.1)
    open4 (1.3.0)
    sugarcube (1.0.3)
    xcodeproj (0.8.1)
      activesupport (~> 3.2.13)
      colored (~> 1.2)

PLATFORMS
  ruby

DEPENDENCIES
  ProMotion
  afmotion
  bubble-wrap
  cocoapods
  formotion
  helu
  motion-addressbook
  motion-cocoapods
  motion-layout!
  motion-testflight
  sugarcube
